GEM
  remote: https://rubygems.org/
  specs:
    minitest (5.15.0)

PLATFORMS
  x64-mingw32

DEPENDENCIES
  minitest
RUBY VERSION
   ruby 2.7.5p203
   
BUNDLED WITH
   2.2.32
